GEM
  remote: https://rubygems.org/
  specs:
    json (1.8.3)
    kramdown (1.12.0)
    kwalify (0.7.2)

PLATFORMS
  ruby

DEPENDENCIES
  json
  kramdown
  kwalify

BUNDLED WITH
   1.13.2
