GEM
  remote: https://rubygems.org/
  specs:
    json (2.0.2)
    kramdown (1.13.1)
    kwalify (0.7.2)

PLATFORMS
  ruby

DEPENDENCIES
  json
  kramdown
  kwalify

BUNDLED WITH
   1.13.2
